GEM
  remote: http://rubygems.org/
  specs:
    httparty (0.13.0)
      json (~> 1.8)
      multi_xml (>= 0.5.2)
    json (1.8.3)
    multi_xml (0.6.0)

PLATFORMS
  ruby

DEPENDENCIES
  httparty (= 0.13)

BUNDLED WITH
   1.13.6
